PATH
  remote: .
  specs:
    cloudapp-export (0.2.2)
      dotenv (= 2.7.5)
      net-http-digest_auth (= 1.4.1)
      thor (= 1.0.1)

GEM
  remote: https://rubygems.org/
  specs:
    ast (2.4.1)
    docile (1.3.2)
    dotenv (2.7.5)
    minitest (5.14.1)
    net-http-digest_auth (1.4.1)
    parallel (1.19.2)
    parser (2.7.1.4)
      ast (~> 2.4.1)
    rainbow (3.0.0)
    rake (13.0.1)
    regexp_parser (1.7.1)
    rexml (3.2.4)
    rubocop (0.89.0)
      parallel (~> 1.10)
      parser (>= 2.7.1.1)
      rainbow (>= 2.2.2, < 4.0)
      regexp_parser (>= 1.7)
      rexml
      rubocop-ast (>= 0.1.0, < 1.0)
      ruby-progressbar (~> 1.7)
      unicode-display_width (>= 1.4.0, < 2.0)
    rubocop-ast (0.3.0)
      parser (>= 2.7.1.4)
    ruby-progressbar (1.10.1)
    simplecov (0.18.5)
      docile (~> 1.1)
      simplecov-html (~> 0.11)
    simplecov-html (0.12.2)
    simplecov-lcov (0.8.0)
    thor (1.0.1)
    unicode-display_width (1.7.0)

PLATFORMS
  ruby

DEPENDENCIES
  bundler (~> 2.1.4)
  cloudapp-export!
  minitest (~> 5.14.1)
  rake (~> 13.0)
  rubocop (~> 0.89.0)
  simplecov (~> 0.18.5)
  simplecov-lcov (> 0)

BUNDLED WITH
   2.1.4
