PATH
  remote: .
  specs:
    cloudapp-export (0.2.2)
      dotenv (= 2.7.5)
      net-http-digest_auth (= 1.4.1)
      thor (= 0.20.3)

GEM
  remote: https://rubygems.org/
  specs:
    ast (2.4.0)
    docile (1.3.2)
    dotenv (2.7.5)
    jaro_winkler (1.5.4)
    json (2.2.0)
    minitest (5.12.2)
    net-http-digest_auth (1.4.1)
    parallel (1.19.1)
    parser (2.6.5.0)
      ast (~> 2.4.0)
    rainbow (3.0.0)
    rake (13.0.0)
    rubocop (0.77.0)
      jaro_winkler (~> 1.5.1)
      parallel (~> 1.10)
      parser (>= 2.6)
      rainbow (>= 2.2.2, < 4.0)
      ruby-progressbar (~> 1.7)
      unicode-display_width (>= 1.4.0, < 1.7)
    ruby-progressbar (1.10.1)
    simplecov (0.17.1)
      docile (~> 1.1)
      json (>= 1.8, < 3)
      simplecov-html (~> 0.10.0)
    simplecov-html (0.10.2)
    simplecov-lcov (0.7.0)
    thor (0.20.3)
    unicode-display_width (1.6.0)

PLATFORMS
  ruby

DEPENDENCIES
  bundler (~> 1.17.3)
  cloudapp-export!
  minitest (~> 5.12.2)
  rake (~> 13.0)
  rubocop (~> 0.77.0)
  simplecov (~> 0.17.1)
  simplecov-lcov (> 0)

BUNDLED WITH
   1.17.3
