PATH
  remote: .
  specs:
    cloudapp-export (0.1.0)
      dotenv
      net-http-digest_auth

GEM
  remote: https://rubygems.org/
  specs:
    dotenv (2.2.1)
    minitest (5.10.3)
    net-http-digest_auth (1.4.1)
    rake (10.5.0)

PLATFORMS
  ruby

DEPENDENCIES
  bundler (~> 1.15)
  cloudapp-export!
  minitest (~> 5.0)
  rake (~> 10.0)

BUNDLED WITH
   1.15.4
