PATH
  remote: .
  specs:
    cloudapp-export (0.1.0)
      dotenv
      net-http-digest_auth
      thor

GEM
  remote: https://rubygems.org/
  specs:
    ast (2.4.0)
    dotenv (2.2.1)
    minitest (5.11.3)
    net-http-digest_auth (1.4.1)
    parallel (1.12.1)
    parser (2.5.0.5)
      ast (~> 2.4.0)
    powerpack (0.1.1)
    rainbow (3.0.0)
    rake (12.3.1)
    rubocop (0.54.0)
      parallel (~> 1.10)
      parser (>= 2.5)
      powerpack (~> 0.1)
      rainbow (>= 2.2.2, < 4.0)
      ruby-progressbar (~> 1.7)
      unicode-display_width (~> 1.0, >= 1.0.1)
    ruby-progressbar (1.9.0)
    thor (0.20.0)
    unicode-display_width (1.3.0)

PLATFORMS
  ruby

DEPENDENCIES
  bundler (~> 1.16)
  cloudapp-export!
  minitest (~> 5.11)
  rake (~> 12.3)
  rubocop (~> 0.54.0)

BUNDLED WITH
   1.16.1
