PATH
  remote: .
  specs:
    cloudapp-export (0.2.2)
      dotenv (= 2.5.0)
      net-http-digest_auth (= 1.4.1)
      thor (= 0.20.0)

GEM
  remote: https://rubygems.org/
  specs:
    ast (2.4.0)
    dotenv (2.5.0)
    jaro_winkler (1.5.1)
    minitest (5.11.3)
    net-http-digest_auth (1.4.1)
    parallel (1.12.1)
    parser (2.5.1.2)
      ast (~> 2.4.0)
    powerpack (0.1.2)
    rainbow (3.0.0)
    rake (12.3.1)
    rubocop (0.59.2)
      jaro_winkler (~> 1.5.1)
      parallel (~> 1.10)
      parser (>= 2.5, != 2.5.1.1)
      powerpack (~> 0.1)
      rainbow (>= 2.2.2, < 4.0)
      ruby-progressbar (~> 1.7)
      unicode-display_width (~> 1.0, >= 1.0.1)
    ruby-progressbar (1.10.0)
    thor (0.20.0)
    unicode-display_width (1.4.0)

PLATFORMS
  ruby

DEPENDENCIES
  bundler (~> 1.16)
  cloudapp-export!
  minitest (~> 5.11)
  rake (~> 12.3)
  rubocop (~> 0.59.2)

BUNDLED WITH
   1.16.4
